GIT
  remote: git://github.com/sinatra/sinatra.git
  revision: f288801888c5c464e65c6bf9985f486b9a4b5f07
  specs:
    sinatra (1.3.1)
      rack (~> 1.3, >= 1.3.4)
      rack-protection (~> 1.1, >= 1.1.2)
      tilt (~> 1.3, >= 1.3.3)

GEM
  remote: http://rubygems.org/
  specs:
    activemodel (3.1.1)
      activesupport (= 3.1.1)
      builder (~> 3.0.0)
      i18n (~> 0.6)
    activesupport (3.1.1)
      multi_json (~> 1.0)
    addressable (2.2.6)
    bson (1.4.0)
    bson_ext (1.4.0)
    builder (3.0.0)
    coderay (0.9.8)
    em-websocket (0.3.1)
      addressable (>= 2.1.1)
      eventmachine (>= 0.12.9)
    eventmachine (0.12.10)
    haml (3.1.3)
    i18n (0.6.0)
    method_source (0.6.0)
      ruby_parser (>= 2.0.5)
    mongo (1.4.0)
      bson (= 1.4.0)
    mongo_mapper (0.9.2)
      activemodel (~> 3.0)
      activesupport (~> 3.0)
      plucky (~> 0.3.8)
    multi_json (1.0.3)
    plucky (0.3.8)
      mongo (~> 1.3)
    pry (0.9.3)
      coderay (>= 0.9.8)
      method_source (>= 0.6.0)
      ruby_parser (>= 2.0.5)
      slop (~> 1.9.0)
    rack (1.3.4)
    rack-protection (1.1.4)
      rack
    ruby_parser (2.0.5)
      sexp_processor (~> 3.0)
    sexp_processor (3.0.5)
    slop (1.9.1)
    tilt (1.3.3)

PLATFORMS
  ruby

DEPENDENCIES
  bson_ext
  em-websocket
  haml
  mongo_mapper
  pry
  sinatra!
