GIT
  remote: git://github.com/sinatra/sinatra.git
  revision: f288801888c5c464e65c6bf9985f486b9a4b5f07
  specs:
    sinatra (1.3.1)
      rack (~> 1.3, >= 1.3.4)
      rack-protection (~> 1.1, >= 1.1.2)
      tilt (~> 1.3, >= 1.3.3)

GEM
  remote: http://rubygems.org/
  specs:
    activemodel (3.1.1)
      activesupport (= 3.1.1)
      builder (~> 3.0.0)
      i18n (~> 0.6)
    activesupport (3.1.1)
      multi_json (~> 1.0)
    bson (1.4.0)
    builder (3.0.0)
    haml (3.1.3)
    i18n (0.6.0)
    mongo (1.4.0)
      bson (= 1.4.0)
    mongo_mapper (0.9.2)
      activemodel (~> 3.0)
      activesupport (~> 3.0)
      plucky (~> 0.3.8)
    multi_json (1.0.3)
    plucky (0.3.8)
      mongo (~> 1.3)
    rack (1.3.4)
    rack-protection (1.1.4)
      rack
    tilt (1.3.3)

PLATFORMS
  ruby

DEPENDENCIES
  haml
  mongo_mapper
  sinatra!
